GIT
  remote: https://github.com/njh/ruby-mqtt.git
  revision: 8968969c50b0f1add8803ac442bb77aacaeeb9d4
  specs:
    mqtt (0.5.0)

GEM
  remote: https://rubygems.org/
  specs:
    rexml (3.2.5)
    ruby-dbus (0.17.0)
      rexml

PLATFORMS
  armv7-linux-musleabihf

DEPENDENCIES
  mqtt!
  ruby-dbus (~> 0.17.0)

BUNDLED WITH
   2.2.33
